GEM
  remote: https://rubygems.org/
  specs:
    backports (3.6.8)
    database_cleaner (1.5.1)
    diff-lcs (1.2.5)
    mini_portile2 (2.0.0)
    multi_json (1.11.3)
    nokogiri (1.6.7.2)
      mini_portile2 (~> 2.0.0.rc2)
    open_uri_redirections (0.2.1)
    pg (0.18.4)
    puma (3.4.0)
    rack (1.6.4)
    rack-protection (1.5.3)
      rack
    rack-test (0.6.3)
      rack (>= 1.0)
    rspec (3.4.0)
      rspec-core (~> 3.4.0)
      rspec-expectations (~> 3.4.0)
      rspec-mocks (~> 3.4.0)
    rspec-core (3.4.4)
      rspec-support (~> 3.4.0)
    rspec-expectations (3.4.0)
      diff-lcs (>= 1.2.0, < 2.0)
      rspec-support (~> 3.4.0)
    rspec-mocks (3.4.1)
      diff-lcs (>= 1.2.0, < 2.0)
      rspec-support (~> 3.4.0)
    rspec-support (3.4.1)
    ruby-prof (0.15.9)
    sequel (4.34.0)
    sinatra (1.4.7)
      rack (~> 1.5)
      rack-protection (~> 1.4)
      tilt (>= 1.3, < 3)
    sinatra-contrib (1.4.7)
      backports (>= 2.0)
      multi_json
      rack-protection
      rack-test
      sinatra (~> 1.4.0)
      tilt (>= 1.3, < 3)
    tilt (2.0.2)

PLATFORMS
  ruby

DEPENDENCIES
  database_cleaner
  nokogiri (~> 1.6.7.2)
  open_uri_redirections (~> 0.2.1)
  pg (~> 0.18.4)
  puma (~> 3.4.0)
  rack-test
  rspec (~> 3.4.0)
  ruby-prof
  sequel (~> 4.34.0)
  sinatra (~> 1.4.7)
  sinatra-contrib (~> 1.4.7)

BUNDLED WITH
   1.11.2
